GEM
  specs:
    casting (1.0.1)

PLATFORMS
  ruby

DEPENDENCIES
  casting (= 1.0.1)

BUNDLED WITH
   2.3.17
